GIT
  remote: git://github.com/calabash/calabash-ios.git
  revision: 65f6056ad265cb2970cb6b4976888edd7f2338ad
  branch: develop
  specs:
    calabash-cucumber (0.20.5)
      awesome_print
      bundler (~> 1.3)
      clipboard (~> 1.0)
      cucumber
      edn (>= 1.0.6, < 2.0)
      geocoder (>= 1.1.8, < 2.0)
      httpclient (>= 2.7.1, < 3.0)
      json
      run_loop (>= 2.4.1, < 3.0)
      slowhandcuke (~> 0.0.3)

GEM
  remote: https://rubygems.org/
  specs:
    CFPropertyList (2.3.5)
    awesome_print (1.7.0)
    builder (3.2.3)
    claide (1.0.2)
    clipboard (1.1.1)
    colored2 (3.1.2)
    command_runner_ng (0.1.3)
    cucumber (2.4.0)
      builder (>= 2.1.2)
      cucumber-core (~> 1.5.0)
      cucumber-wire (~> 0.0.1)
      diff-lcs (>= 1.1.3)
      gherkin (~> 4.0)
      multi_json (>= 1.7.5, < 2.0)
      multi_test (>= 0.1.2)
    cucumber-core (1.5.0)
      gherkin (~> 4.0)
    cucumber-wire (0.0.1)
    diff-lcs (1.3)
    edn (1.1.1)
    geocoder (1.4.4)
    gherkin (4.1.3)
    httpclient (2.8.3)
    i18n (0.8.4)
    json (1.8.6)
    multi_json (1.12.1)
    multi_test (0.1.2)
    nanaimo (0.2.3)
    run_loop (2.4.1)
      CFPropertyList (~> 2.2)
      awesome_print (~> 1.2)
      command_runner_ng (>= 0.0.2)
      httpclient (>= 2.7.1, < 3.0)
      i18n (>= 0.7.0, < 1.0)
      json (~> 1.8)
      thor (>= 0.18.1, < 1.0)
    slowhandcuke (0.0.3)
      cucumber
    thor (0.19.4)
    xcodeproj (1.5.1)
      CFPropertyList (~> 2.3.3)
      claide (>= 1.0.2, < 2.0)
      colored2 (~> 3.1)
      nanaimo (~> 0.2.3)

PLATFORMS
  ruby

DEPENDENCIES
  calabash-cucumber!
  xcodeproj

BUNDLED WITH
   1.14.6
